GEM
  remote: https://rubygems.org/
  specs:
    ansi (1.5.0)
    ast (2.2.0)
    cinch (2.3.2)
    cinch-basic_ctcp (1.1.1)
      cinch (~> 2.0)
    cinch-identify (1.7.0)
      cinch (~> 2.0)
    httparty (0.13.7)
      json (~> 1.8)
      multi_xml (>= 0.5.2)
    human-date (0.0.2)
    iso8601 (0.9.0)
    json (1.8.3)
    mini_portile2 (2.0.0)
    multi_xml (0.5.5)
    net_http_timeout_errors (0.3.0)
    nokogiri (1.6.7.2)
      mini_portile2 (~> 2.0.0.rc2)
    oga (2.2)
      ast
      ruby-ll (~> 2.1)
    ruby-ll (2.1.2)
      ansi
      ast
    snoo (0.1.2)
      httparty
      nokogiri
    video_info (2.6.1)
      iso8601 (~> 0.9)
      net_http_timeout_errors (~> 0.3.0)
      oga (~> 2.2)

PLATFORMS
  ruby

DEPENDENCIES
  cinch (~> 2.3)
  cinch-basic_ctcp
  cinch-identify
  httparty
  human-date
  nokogiri
  snoo
  video_info

BUNDLED WITH
   1.12.2
